GIT
  remote: git://github.com/jaredholdcroft/strava-api-v3.git
  revision: 7c52cbdfdc12ece2f8bada32dc766070839f5240
  specs:
    strava-api-v3 (0.6.0)
      httmultiparty
      multi_json

GEM
  remote: https://rubygems.org/
  specs:
    addressable (2.4.0)
    bindata (2.3.0)
    gpx (0.8.2)
      nokogiri
      rake
    highline (1.7.8)
    httmultiparty (0.3.16)
      httparty (>= 0.7.3)
      mimemagic
      multipart-post
    httparty (0.13.7)
      json (~> 1.8)
      multi_xml (>= 0.5.2)
    json (1.8.3)
    launchy (2.4.3)
      addressable (~> 2.3)
    mimemagic (0.3.1)
    mini_portile2 (2.0.0)
    multi_json (1.12.0)
    multi_xml (0.5.5)
    multipart-post (2.0.0)
    nokogiri (1.6.7.2)
      mini_portile2 (~> 2.0.0.rc2)
    rack (1.6.4)
    rack-protection (1.5.3)
      rack
    rake (11.1.2)
    ruby-progressbar (1.8.1)
    sinatra (1.4.7)
      rack (~> 1.5)
      rack-protection (~> 1.4)
      tilt (>= 1.3, < 3)
    tilt (2.0.3)

PLATFORMS
  ruby

DEPENDENCIES
  bindata
  gpx
  highline
  launchy
  ruby-progressbar
  sinatra
  strava-api-v3!

BUNDLED WITH
   1.12.3
